GEM
  remote: https://rubygems.org/
  specs:
    activemodel (3.1.12)
      activesupport (= 3.1.12)
      builder (~> 3.0.0)
      i18n (~> 0.6)
    activesupport (3.1.12)
      multi_json (~> 1.0)
    awesome_print (1.6.1)
    bson (1.12.1)
    bson_ext (1.12.1)
      bson (~> 1.12.1)
    builder (3.0.4)
    coderay (1.1.0)
    httparty (0.13.3)
      json (~> 1.8)
      multi_xml (>= 0.5.2)
    i18n (0.7.0)
    json (1.8.2)
    method_source (0.8.2)
    mongo (1.12.1)
      bson (= 1.12.1)
    mongoid (2.3.5)
      activemodel (~> 3.1.0)
      mongo (~> 1.3)
      tzinfo (~> 0.3.22)
    multi_json (1.11.0)
    multi_xml (0.5.5)
    pry (0.10.1)
      coderay (~> 1.1.0)
      method_source (~> 0.8.1)
      slop (~> 3.4)
    require_all (1.3.2)
    slop (3.6.0)
    tzinfo (0.3.43)
    yajl-ruby (1.2.1)

PLATFORMS
  ruby

DEPENDENCIES
  awesome_print
  bson_ext (~> 1.4)
  httparty
  mongoid (~> 2.3.3)
  pry
  require_all
  yajl-ruby (~> 1.0)
