GEM
  remote: https://rubygems.org/
  specs:
    activemodel (3.1.1)
      activesupport (= 3.1.1)
      builder (~> 3.0.0)
      i18n (~> 0.6)
    activesupport (3.1.1)
      multi_json (~> 1.0)
    awesome_print (1.0.2)
    bson (1.4.0)
    bson_ext (1.4.0)
    builder (3.0.0)
    coderay (1.0.9)
    httparty (0.8.1)
      multi_json
      multi_xml
    i18n (0.6.0)
    method_source (0.8.1)
    mongo (1.3.1)
      bson (>= 1.3.1)
    mongoid (2.3.3)
      activemodel (~> 3.1)
      mongo (~> 1.3)
      tzinfo (~> 0.3.22)
    multi_json (1.0.3)
    multi_xml (0.4.1)
    pry (0.9.12.2)
      coderay (~> 1.0.5)
      method_source (~> 0.8)
      slop (~> 3.4)
    pry (0.9.12.2-x86-mingw32)
      coderay (~> 1.0.5)
      method_source (~> 0.8)
      slop (~> 3.4)
      win32console (~> 1.3)
    require_all (1.2.0)
    slop (3.4.5)
    tzinfo (0.3.30)
    win32console (1.3.2-x86-mingw32)

PLATFORMS
  ruby
  x86-mingw32

DEPENDENCIES
  awesome_print
  bson_ext (~> 1.4)
  httparty
  mongoid (~> 2.3.3)
  pry
  require_all
